GEM
  remote: https://rubygems.org/
  specs:
    aruba (0.5.3)
      childprocess (>= 0.3.6)
      cucumber (>= 1.1.1)
      rspec-expectations (>= 2.7.0)
    builder (3.2.2)
    childprocess (0.3.9)
      ffi (~> 1.0, >= 1.0.11)
    coderay (1.0.9)
    cucumber (1.3.5)
      builder (>= 2.1.2)
      diff-lcs (>= 1.1.3)
      gherkin (~> 2.12.0)
      multi_json (~> 1.7.5)
      multi_test (>= 0.0.2)
    diff-lcs (1.2.4)
    ffi (1.9.0)
    gherkin (2.12.0)
      multi_json (~> 1.3)
    method_source (0.8.1)
    multi_json (1.7.7)
    multi_test (0.0.2)
    pry (0.9.12.2)
      coderay (~> 1.0.5)
      method_source (~> 0.8)
      slop (~> 3.4)
    rake (10.0.4)
    rspec-expectations (2.14.0)
      diff-lcs (>= 1.1.3, < 2.0)
    slop (3.4.5)

PLATFORMS
  ruby

DEPENDENCIES
  aruba
  cucumber
  pry
  rake
